GEM
  remote: https://rubygems.org/
  specs:
    actionpack (4.2.8)
      actionview (= 4.2.8)
      activesupport (= 4.2.8)
      rack (~> 1.6)
      rack-test (~> 0.6.2)
      rails-dom-testing (~> 1.0, >= 1.0.5)
      rails-html-sanitizer (~> 1.0, >= 1.0.2)
    actionview (4.2.8)
      activesupport (= 4.2.8)
      builder (~> 3.1)
      erubis (~> 2.7.0)
      rails-dom-testing (~> 1.0, >= 1.0.5)
      rails-html-sanitizer (~> 1.0, >= 1.0.3)
    activemodel (4.2.8)
      activesupport (= 4.2.8)
      builder (~> 3.1)
    activerecord (4.2.8)
      activemodel (= 4.2.8)
      activesupport (= 4.2.8)
      arel (~> 6.0)
    activesupport (4.2.8)
      i18n (~> 0.7)
      minitest (~> 5.1)
      thread_safe (~> 0.3, >= 0.3.4)
      tzinfo (~> 1.1)
    arel (6.0.4)
    builder (3.2.3)
    coderay (1.1.1)
    diff-lcs (1.3)
    dotenv (2.2.0)
    erubis (2.7.0)
    eventmachine (1.2.3)
    faraday (0.11.0)
      multipart-post (>= 1.2, < 3)
    faraday_middleware (0.11.0.1)
      faraday (>= 0.7.4, < 1.0)
    faye-websocket (0.10.7)
      eventmachine (>= 0.12.0)
      websocket-driver (>= 0.5.1)
    foreman (0.83.0)
      thor (~> 0.19.1)
    gli (2.16.0)
    hashie (3.5.5)
    i18n (0.8.1)
    json (2.0.3)
    loofah (2.0.3)
      nokogiri (>= 1.5.9)
    method_source (0.8.2)
    mini_portile2 (2.1.0)
    minitest (5.10.1)
    multipart-post (2.0.0)
    nokogiri (1.7.1)
      mini_portile2 (~> 2.1.0)
    pry (0.10.4)
      coderay (~> 1.1.0)
      method_source (~> 0.8.1)
      slop (~> 3.4)
    pry-remote (0.1.8)
      pry (~> 0.9)
      slop (~> 3.0)
    puma (3.8.2)
    rack (1.6.5)
    rack-protection (1.5.3)
      rack
    rack-test (0.6.3)
      rack (>= 1.0)
    rails-deprecated_sanitizer (1.0.3)
      activesupport (>= 4.2.0.alpha)
    rails-dom-testing (1.0.8)
      activesupport (>= 4.2.0.beta, < 5.0)
      nokogiri (~> 1.6)
      rails-deprecated_sanitizer (>= 1.0.1)
    rails-html-sanitizer (1.0.3)
      loofah (~> 2.0)
    railties (4.2.8)
      actionpack (= 4.2.8)
      activesupport (= 4.2.8)
      rake (>= 0.8.7)
      thor (>= 0.18.1, < 2.0)
    rake (10.5.0)
    redis (3.3.3)
    require_all (1.4.0)
    rspec (3.5.0)
      rspec-core (~> 3.5.0)
      rspec-expectations (~> 3.5.0)
      rspec-mocks (~> 3.5.0)
    rspec-core (3.5.4)
      rspec-support (~> 3.5.0)
    rspec-expectations (3.5.0)
      diff-lcs (>= 1.2.0, < 2.0)
      rspec-support (~> 3.5.0)
    rspec-mocks (3.5.0)
      diff-lcs (>= 1.2.0, < 2.0)
      rspec-support (~> 3.5.0)
    rspec-support (3.5.0)
    sinatra (1.4.8)
      rack (~> 1.5)
      rack-protection (~> 1.4)
      tilt (>= 1.3, < 3)
    slack-ruby-bot (0.10.1)
      hashie
      slack-ruby-client (>= 0.6.0)
    slack-ruby-client (0.8.0)
      activesupport
      faraday (>= 0.9)
      faraday_middleware
      gli
      hashie
      json
      websocket-driver
    slop (3.6.0)
    standalone_migrations (4.0.5)
      activerecord (~> 4.2.5, >= 4.2.5.1)
      railties (~> 4.2.5, >= 4.2.5.1)
      rake (~> 10.0)
    thor (0.19.4)
    thread_safe (0.3.6)
    tilt (2.0.7)
    tzinfo (1.2.3)
      thread_safe (~> 0.1)
    websocket-driver (0.6.5)
      websocket-extensions (>= 0.1.0)
    websocket-extensions (0.1.2)

PLATFORMS
  ruby

DEPENDENCIES
  dotenv
  eventmachine
  faye-websocket
  foreman
  pry-remote
  puma
  rack-test
  rake
  redis (~> 3.2)
  require_all
  rspec
  sinatra
  slack-ruby-bot
  standalone_migrations

BUNDLED WITH
   1.14.6
